GEM
  remote: https://gemstash.morsedigital.com/
  specs:
    activesupport (5.2.8.1)
      concurrent-ruby (~> 1.0, >= 1.0.2)
      i18n (>= 0.7, < 2)
      minitest (~> 5.1)
      tzinfo (~> 1.1)
    bigdecimal (3.2.2)
    concurrent-ruby (1.3.5)
    dalli (2.7.11)
    faraday (0.17.6)
      multipart-post (>= 1.2, < 3)
    faraday_middleware (0.14.0)
      faraday (>= 0.7.4, < 1.0)
    gemstash (2.1.0)
      activesupport (>= 4.2, < 6)
      dalli (~> 2.7)
      faraday (~> 0.9)
      faraday_middleware (~> 0.10)
      lru_redux (~> 1.1)
      puma (~> 4.0)
      sequel (~> 5.0)
      server_health_check-rack (~> 0.1)
      sinatra (>= 1.4, < 3.0)
      sqlite3 (~> 1.3)
      thor (~> 0.20)
    i18n (1.14.7)
      concurrent-ruby (~> 1.0)
    lru_redux (1.1.0)
    mini_portile2 (2.8.9)
    minitest (5.25.5)
    multipart-post (2.4.1)
    mustermann (2.0.2)
      ruby2_keywords (~> 0.0.1)
    nio4r (2.7.4)
    puma (4.3.12)
      nio4r (~> 2.0)
    rack (2.2.17)
    rack-protection (2.2.4)
      rack
    ruby2_keywords (0.0.5)
    sequel (5.95.1)
      bigdecimal
    server_health_check (1.0.2)
    server_health_check-rack (0.1.0)
      server_health_check (~> 1.0, >= 1.0.1)
    sinatra (2.2.4)
      mustermann (~> 2.0)
      rack (~> 2.2)
      rack-protection (= 2.2.4)
      tilt (~> 2.0)
    sqlite3 (1.7.3)
      mini_portile2 (~> 2.8.0)
    thor (0.20.3)
    thread_safe (0.3.6)
    tilt (2.6.1)
    tzinfo (1.2.11)
      thread_safe (~> 0.1)

PLATFORMS
  arm64-darwin-24
  ruby

DEPENDENCIES
  gemstash (~> 2.1.0)

BUNDLED WITH
   2.7.1
